PATH
  remote: .
  specs:
    ld-eventsource (1.0.0)
      concurrent-ruby (~> 1.0)
      http_tools (~> 0.4.5)
      socketry (~> 0.5.1)

GEM
  remote: https://rubygems.org/
  specs:
    concurrent-ruby (1.0.5)
    diff-lcs (1.3)
    hitimes (1.3.0)
    http_tools (0.4.5)
    rake (10.5.0)
    rspec (3.7.0)
      rspec-core (~> 3.7.0)
      rspec-expectations (~> 3.7.0)
      rspec-mocks (~> 3.7.0)
    rspec-core (3.7.1)
      rspec-support (~> 3.7.0)
    rspec-expectations (3.7.0)
      diff-lcs (>= 1.2.0, < 2.0)
      rspec-support (~> 3.7.0)
    rspec-mocks (3.7.0)
      diff-lcs (>= 1.2.0, < 2.0)
      rspec-support (~> 3.7.0)
    rspec-support (3.7.0)
    rspec_junit_formatter (0.3.0)
      rspec-core (>= 2, < 4, != 2.12.0)
    socketry (0.5.1)
      hitimes (~> 1.2)

PLATFORMS
  java
  ruby

DEPENDENCIES
  bundler (~> 1.7)
  ld-eventsource!
  rake (~> 10.0)
  rspec (~> 3.2)
  rspec_junit_formatter (~> 0.3.0)

BUNDLED WITH
   1.17.3
